GEM
  remote: https://rubygems.org/
  specs:
    actionpack (5.1.6)
      actionview (= 5.1.6)
      activesupport (= 5.1.6)
      rack (~> 2.0)
      rack-test (>= 0.6.3)
      rails-dom-testing (~> 2.0)
      rails-html-sanitizer (~> 1.0, >= 1.0.2)
    actionview (5.1.6)
      activesupport (= 5.1.6)
      builder (~> 3.1)
      erubi (~> 1.4)
      rails-dom-testing (~> 2.0)
      rails-html-sanitizer (~> 1.0, >= 1.0.3)
    activesupport (5.1.6)
      concurrent-ruby (~> 1.0, >= 1.0.2)
      i18n (>= 0.7, < 2)
      minitest (~> 5.1)
      tzinfo (~> 1.1)
    appium_lib (9.4.2)
      awesome_print (~> 1.7)
      json (>= 1.8)
      nokogiri (~> 1.6, >= 1.6.6)
      selenium-webdriver (~> 3.0, >= 3.0.4)
      tomlrb (~> 1.1)
    awesome_print (1.7.0)
    builder (3.2.3)
    childprocess (0.6.3)
      ffi (~> 1.0, >= 1.0.11)
    concurrent-ruby (1.0.5)
    crass (1.0.3)
    cucumber (2.4.0)
      builder (>= 2.1.2)
      cucumber-core (~> 1.5.0)
      cucumber-wire (~> 0.0.1)
      diff-lcs (>= 1.1.3)
      gherkin (~> 4.0)
      multi_json (>= 1.7.5, < 2.0)
      multi_test (>= 0.1.2)
    cucumber-core (1.5.0)
      gherkin (~> 4.0)
    cucumber-wire (0.0.1)
    diff-lcs (1.3)
    erubi (1.7.1)
    faker (1.8.7)
      i18n (>= 0.7)
    ffi (1.9.18)
    gherkin (4.1.1)
    i18n (1.0.0)
      concurrent-ruby (~> 1.0)
    json (2.1.0)
    loofah (2.2.2)
      crass (~> 1.0.2)
      nokogiri (>= 1.5.9)
    mini_portile2 (2.1.0)
    minitest (5.11.3)
    multi_json (1.12.1)
    multi_test (0.1.2)
    nokogiri (1.7.1)
      mini_portile2 (~> 2.1.0)
    pretty_face (0.10.3)
      actionpack (>= 3.2.13)
      cucumber
      syntax
    rack (2.0.4)
    rack-test (1.0.0)
      rack (>= 1.0, < 3)
    rails-dom-testing (2.0.3)
      activesupport (>= 4.2.0)
      nokogiri (>= 1.6)
    rails-html-sanitizer (1.0.4)
      loofah (~> 2.2, >= 2.2.2)
    rspec (3.5.0)
      rspec-core (~> 3.5.0)
      rspec-expectations (~> 3.5.0)
      rspec-mocks (~> 3.5.0)
    rspec-core (3.5.4)
      rspec-support (~> 3.5.0)
    rspec-expectations (3.5.0)
      diff-lcs (>= 1.2.0, < 2.0)
      rspec-support (~> 3.5.0)
    rspec-mocks (3.5.0)
      diff-lcs (>= 1.2.0, < 2.0)
      rspec-support (~> 3.5.0)
    rspec-support (3.5.0)
    rubyzip (1.2.1)
    selenium-webdriver (3.4.0)
      childprocess (~> 0.5)
      rubyzip (~> 1.0)
      websocket (~> 1.0)
    syntax (1.2.2)
    thread_safe (0.3.6)
    tomlrb (1.2.4)
    tzinfo (1.2.5)
      thread_safe (~> 0.1)
    websocket (1.2.4)

PLATFORMS
  ruby

DEPENDENCIES
  appium_lib
  cucumber (= 2.4.0)
  faker
  pretty_face
  rspec

BUNDLED WITH
   1.16.1
